PATH
  remote: .
  specs:
    sortsmith (1.0.0)

GEM
  remote: https://rubygems.org/
  specs:
    ast (2.4.3)
    benchmark-ips (2.14.0)
    coderay (1.1.3)
    json (2.15.0)
    kramdown (2.5.1)
      rexml (>= 3.3.9)
    language_server-protocol (3.17.0.5)
    lint_roller (1.1.0)
    method_source (1.1.0)
    minitest (5.25.5)
    parallel (1.27.0)
    parser (3.3.9.0)
      ast (~> 2.4.1)
      racc
    prism (1.5.1)
    pry (0.15.2)
      coderay (~> 1.1)
      method_source (~> 1.0)
    racc (1.8.1)
    rainbow (3.1.1)
    rake (13.3.0)
    regexp_parser (2.11.3)
    rexml (3.4.4)
    rubocop (1.80.2)
      json (~> 2.3)
      language_server-protocol (~> 3.17.0.2)
      lint_roller (~> 1.1.0)
      parallel (~> 1.10)
      parser (>= 3.3.0.2)
      rainbow (>= 2.2.2, < 4.0)
      regexp_parser (>= 2.9.3, < 3.0)
      rubocop-ast (>= 1.46.0, < 2.0)
      ruby-progressbar (~> 1.7)
      unicode-display_width (>= 2.4.0, < 4.0)
    rubocop-ast (1.47.1)
      parser (>= 3.3.7.2)
      prism (~> 1.4)
    rubocop-performance (1.25.0)
      lint_roller (~> 1.1)
      rubocop (>= 1.75.0, < 2.0)
      rubocop-ast (>= 1.38.0, < 2.0)
    ruby-progressbar (1.13.0)
    standard (1.51.1)
      language_server-protocol (~> 3.17.0.2)
      lint_roller (~> 1.0)
      rubocop (~> 1.80.2)
      standard-custom (~> 1.0.0)
      standard-performance (~> 1.8)
    standard-custom (1.0.2)
      lint_roller (~> 1.0)
      rubocop (~> 1.50)
    standard-performance (1.8.0)
      lint_roller (~> 1.1)
      rubocop-performance (~> 1.25.0)
    unicode-display_width (3.2.0)
      unicode-emoji (~> 4.1)
    unicode-emoji (4.1.0)
    yard (0.9.37)

PLATFORMS
  ruby
  x86_64-linux

DEPENDENCIES
  benchmark-ips
  kramdown
  minitest (~> 5.16)
  pry (~> 0.15.2)
  rake (~> 13.0)
  sortsmith!
  standard (~> 1.3)
  yard

BUNDLED WITH
   2.5.22
